GEM
  remote: https://rubygems.org/
  specs:
    addressable (2.8.5)
      public_suffix (>= 2.0.2, < 6.0)
    domain_name (0.5.20190701)
      unf (>= 0.0.5, < 1.0.0)
    dotenv (2.8.1)
    http-cookie (1.0.5)
      domain_name (~> 0.5)
    httparty (0.21.0)
      mini_mime (>= 1.0.0)
      multi_xml (>= 0.5.2)
    json (1.8.6)
    mime-types (2.99.3)
    mini_mime (1.1.5)
    multi_xml (0.6.0)
    nba_stats (0.9.3)
      addressable (~> 2.3)
      json (~> 1.8)
      rest-client (~> 1.7)
    netrc (0.11.0)
    public_suffix (5.0.3)
    rest-client (1.8.0)
      http-cookie (>= 1.0.2, < 2.0)
      mime-types (>= 1.16, < 3.0)
      netrc (~> 0.7)
    unf (0.1.4)
      unf_ext
    unf_ext (0.0.8.2)

PLATFORMS
  x86_64-linux

DEPENDENCIES
  dotenv
  httparty
  json
  nba_stats

BUNDLED WITH
   2.4.20
